GEM
  remote: http://rubygems.org/
  specs:
    activesupport (3.2.21)
      i18n (~> 0.6, >= 0.6.4)
      multi_json (~> 1.0)
    coffee-script (2.4.1)
      coffee-script-source
      execjs
    coffee-script-source (1.9.1.1)
    dotenv (0.11.1)
      dotenv-deployment (~> 0.0.2)
    dotenv-deployment (0.0.2)
    execjs (2.5.2)
    faraday (0.8.9)
      multipart-post (~> 1.2.0)
    foreman (0.75.0)
      dotenv (~> 0.11.1)
      thor (~> 0.19.1)
    hangry (0.0.13)
      activesupport (~> 3.0)
      iso8601 (~> 0.4.0)
      nokogiri (~> 1.5)
    i18n (0.7.0)
    ingreedy (0.0.4)
    iso8601 (0.4.1)
    mini_portile (0.6.2)
    multi_json (1.11.0)
    multipart-post (1.2.0)
    nokogiri (1.6.6.2)
      mini_portile (~> 0.6.0)
    nokogiri (1.6.6.2-x64-mingw32)
      mini_portile (~> 0.6.0)
    nokogiri (1.6.6.2-x86-mingw32)
      mini_portile (~> 0.6.0)
    rack (1.6.12)
    rack-protection (1.5.3)
      rack
    sass (3.4.13)
    sinatra (1.4.5)
      rack (~> 1.4)
      rack-protection (~> 1.4)
      tilt (~> 1.3, >= 1.3.4)
    sinatra-cross_origin (0.3.2)
    slim (2.1.0)
      temple (~> 0.6.9)
      tilt (>= 1.3.3, < 2.1)
    temple (0.6.9)
    thor (0.19.1)
    tilt (1.4.1)

PLATFORMS
  ruby
  x64-mingw32
  x86-mingw32

DEPENDENCIES
  coffee-script
  faraday
  foreman
  hangry
  ingreedy
  rack
  sass
  sinatra
  sinatra-cross_origin (~> 0.3.1)
  slim
  tilt (~> 1.4.1)
