GEM
  remote: http://rubygems.org/
  specs:
    activesupport (3.2.22.5)
      i18n (~> 0.6, >= 0.6.4)
      multi_json (~> 1.0)
    blankslate (3.1.3)
    coffee-script (2.4.1)
      coffee-script-source
      execjs
    coffee-script-source (1.9.1.1)
    concurrent-ruby (1.1.5)
    execjs (2.5.2)
    faraday (0.17.4)
      multipart-post (>= 1.2, < 3)
    ffi (1.10.0)
    ffi (1.10.0-x64-mingw32)
    ffi (1.10.0-x86-mingw32)
    foreman (0.87.0)
    hangry (0.0.13)
      activesupport (~> 3.0)
      iso8601 (~> 0.4.0)
      nokogiri (~> 1.5)
    i18n (0.9.5)
      concurrent-ruby (~> 1.0)
    ingreedy (0.1.0)
      parslet (~> 1.7.0, >= 1.7.0)
    iso8601 (0.4.1)
    mini_portile2 (2.1.0)
    multi_json (1.14.1)
    multipart-post (2.1.1)
    nokogiri (1.6.8.1)
      mini_portile2 (~> 2.1.0)
    nokogiri (1.6.8.1-x64-mingw32)
      mini_portile2 (~> 2.1.0)
    nokogiri (1.6.8.1-x86-mingw32)
      mini_portile2 (~> 2.1.0)
    parslet (1.7.1)
      blankslate (>= 2.0, <= 4.0)
    rack (1.6.12)
    rack-protection (1.5.5)
      rack
    rb-fsevent (0.10.3)
    rb-inotify (0.9.10)
      ffi (>= 0.5.0, < 2)
    sass (3.7.4)
      sass-listen (~> 4.0.0)
    sass-listen (4.0.0)
      rb-fsevent (~> 0.9, >= 0.9.4)
      rb-inotify (~> 0.9, >= 0.9.7)
    sinatra (1.4.8)
      rack (~> 1.5)
      rack-protection (~> 1.4)
      tilt (>= 1.3, < 3)
    sinatra-cross_origin (0.4.0)
    slim (4.0.1)
      temple (>= 0.7.6, < 0.9)
      tilt (>= 2.0.6, < 2.1)
    temple (0.8.2)
    tilt (2.0.10)

PLATFORMS
  ruby
  x64-mingw32
  x86-mingw32

DEPENDENCIES
  coffee-script
  faraday
  foreman
  hangry
  ingreedy
  rack
  sass
  sinatra
  sinatra-cross_origin (~> 0.4.0)
  slim
  tilt (~> 2.0.10)
